GEM
  remote: https://rubygems.org/
  specs:
    cpf_utils (1.2.1)
    lerolero_generator (1.0.1)

PLATFORMS
  ruby

DEPENDENCIES
  cpf_utils
  lerolero_generator

BUNDLED WITH
   1.15.4
